GEM
  remote: https://rubygems.org/
  specs:
    cool.io (1.4.3)
    msgpack (0.5.12)
    msgpack-rpc (0.5.4)
      cool.io (~> 1.4.3)
      msgpack (~> 0.5.10)
    ruby-lxc (1.2.1)

PLATFORMS
  ruby

DEPENDENCIES
  msgpack-rpc
  ruby-lxc

BUNDLED WITH
   1.11.2
